GIT
  remote: git@github.com:jefflunt/socket.io-client-simple-1.2.1-custom.git
  revision: 50178e16179fb5de96745edc9d6b5852c8c4ff23
  specs:
    socket.io-client-simple (1.2.1)
      event_emitter
      httparty
      json
      websocket-client-simple (~> 0.3.0)

GEM
  remote: https://rubygems.org/
  specs:
    event_emitter (0.2.5)
    httparty (0.14.0)
      multi_xml (>= 0.5.2)
    json (2.0.3)
    minitest (5.10.1)
    minitest-color (0.0.2)
      minitest (~> 5)
    multi_xml (0.6.0)
    websocket (1.2.4)
    websocket-client-simple (0.3.0)
      event_emitter
      websocket

PLATFORMS
  ruby

DEPENDENCIES
  minitest
  minitest-color
  socket.io-client-simple!

BUNDLED WITH
   1.14.3
